GEM
  remote: http://rubygems.org/
  specs:
    diff-lcs (1.1.3)
    libv8 (3.11.8.11)
    rake (10.0.3)
    ref (1.0.2)
    rspec (2.12.0)
      rspec-core (~> 2.12.0)
      rspec-expectations (~> 2.12.0)
      rspec-mocks (~> 2.12.0)
    rspec-core (2.12.2)
    rspec-expectations (2.12.1)
      diff-lcs (~> 1.1.3)
    rspec-mocks (2.12.1)
    therubyracer (0.11.1)
      libv8 (~> 3.11.8.7)
      ref

PLATFORMS
  ruby

DEPENDENCIES
  rake
  rspec
  therubyracer (>= 0.9.8)
