GEM
  remote: http://rubygems.org/
  specs:
    aws-sdk (1.10.0)
      json (~> 1.4)
      nokogiri (>= 1.4.4)
      uuidtools (~> 2.1)
    rake (10.0.3)

PLATFORMS
  ruby

DEPENDENCIES
  aws-sdk
  rake
